GEM
  remote: https://rubygems.org/
  specs:
    diff-lcs (1.1.2)
    geocoder (1.1.9)
    json (1.5.1)
    multi_json (1.7.9)
    rake (0.9.6)
    rcov (1.0.0)
    rspec (2.6.0)
      rspec-core (~> 2.6.0)
      rspec-expectations (~> 2.6.0)
      rspec-mocks (~> 2.6.0)
    rspec-core (2.6.0)
    rspec-expectations (2.6.0)
      diff-lcs (~> 1.1.2)
    rspec-mocks (2.6.0)
    simplecov (0.7.1)
      multi_json (~> 1.0)
      simplecov-html (~> 0.7.1)
    simplecov-html (0.7.1)
    simplecov-rcov (0.2.3)
      simplecov (>= 0.4.1)

PLATFORMS
  ruby

DEPENDENCIES
  geocoder
  json
  rake
  rcov
  rspec (>= 2.6.0)
  simplecov
  simplecov-rcov
